PATH
  remote: .
  specs:
    dryft (0.0.1)
      nokogiri
      sqlite3-ruby

GEM
  remote: http://rubygems.org/
  specs:
    nokogiri (1.4.4)
    sqlite3 (1.3.3)
    sqlite3-ruby (1.3.3)
      sqlite3 (>= 1.3.3)

PLATFORMS
  ruby

DEPENDENCIES
  dryft!
  nokogiri
  sqlite3-ruby
